GEM
  remote: http://rubygems.org/
  specs:
    git (1.2.5)
    jeweler (1.5.2)
      bundler (~> 1.0.0)
      git (>= 1.2.5)
      rake
    rake (0.8.7)
    rspec (1.3.2)

PLATFORMS
  ruby

DEPENDENCIES
  jeweler
  rake
  rspec (~> 1)
